PATH
  remote: .
  specs:
    scrumninja (0.1.1)
      faraday_middleware (~> 0.6.0)
      hashie (~> 1.0.0)
      multi_xml (~> 0.2.0)

GEM
  remote: http://rubygems.org/
  specs:
    addressable (2.2.6)
    crack (0.1.8)
    diff-lcs (1.1.2)
    faraday (0.6.1)
      addressable (~> 2.2.4)
      multipart-post (~> 1.1.0)
      rack (< 2, >= 1.1.0)
    faraday_middleware (0.6.3)
      faraday (~> 0.6.0)
    hashie (1.0.0)
    multi_xml (0.2.2)
    multipart-post (1.1.2)
    rack (1.3.0)
    rspec (2.6.0)
      rspec-core (~> 2.6.0)
      rspec-expectations (~> 2.6.0)
      rspec-mocks (~> 2.6.0)
    rspec-core (2.6.4)
    rspec-expectations (2.6.0)
      diff-lcs (~> 1.1.2)
    rspec-mocks (2.6.0)
    webmock (1.6.4)
      addressable (> 2.2.5, ~> 2.2)
      crack (>= 0.1.7)

PLATFORMS
  ruby

DEPENDENCIES
  hashie (~> 1.0.0)
  multi_xml (~> 0.2.0)
  rspec (~> 2.6)
  scrumninja!
  webmock (~> 1.5)
